GEM
  remote: https://rubygems.org/
  specs:
    Ascii85 (2.0.1)
    addressable (2.8.7)
      public_suffix (>= 2.0.2, < 7.0)
    afm (0.2.2)
    anthropic (0.3.2)
      event_stream_parser (>= 0.3.0, < 2.0.0)
      faraday (>= 1)
      faraday-multipart (>= 1)
    awesome_print (1.9.2)
    baran (0.1.12)
    bigdecimal (3.1.9)
    coderay (1.1.3)
    csv (3.3.3)
    event_stream_parser (1.0.0)
    faraday (2.12.2)
      faraday-net_http (>= 2.0, < 3.5)
      json
      logger
    faraday-multipart (1.1.0)
      multipart-post (~> 2.0)
    faraday-net_http (3.4.0)
      net-http (>= 0.5.0)
    hashery (2.1.2)
    io-console (0.8.0)
    json (2.10.2)
    json-schema (4.3.1)
      addressable (>= 2.8)
    langchainrb (0.19.4)
      baran (~> 0.1.9)
      csv
      json-schema (~> 4)
      matrix
      pragmatic_segmenter (~> 0.3.0)
      zeitwerk (~> 2.5)
    logger (1.6.6)
    matrix (0.4.2)
    method_source (1.1.0)
    multipart-post (2.4.1)
    net-http (0.6.0)
      uri
    pdf-reader (2.14.1)
      Ascii85 (>= 1.0, < 3.0, != 2.0.0)
      afm (~> 0.2.1)
      hashery (~> 2.0)
      ruby-rc4
      ttfunk
    pragmatic_segmenter (0.3.24)
    pry (0.15.2)
      coderay (~> 1.1)
      method_source (~> 1.0)
    public_suffix (6.0.1)
    reline (0.6.0)
      io-console (~> 0.5)
    ruby-openai (8.0.0)
      event_stream_parser (>= 0.3.0, < 2.0.0)
      faraday (>= 1)
      faraday-multipart (>= 1)
    ruby-rc4 (0.1.5)
    ttfunk (1.8.0)
      bigdecimal (~> 3.1)
    uri (1.0.3)
    zeitwerk (2.7.2)

PLATFORMS
  arm64-darwin-24

DEPENDENCIES
  anthropic
  awesome_print
  langchainrb
  pdf-reader
  pry
  reline
  ruby-openai

BUNDLED WITH
   2.6.5
